GEM
  remote: https://rubygems.org/
  specs:
    business (2.3.0)
    statesman (1.2.1)

PLATFORMS
  ruby

DEPENDENCIES
  bundler (~> 2.2.0)
  business (~> 2.3.0)
  statesman (~> 1.2.0)

BUNDLED WITH
   2.2.0
