GEM
  remote: https://rubygems.org/
  specs:
    business (1.4.0)
    statesman (8.0.2)

PLATFORMS
  ruby

DEPENDENCIES
  bundler (~> 2.2.0)
  business (~> 1.4.0)
  statesman (~> 8.0.2)

BUNDLED WITH
   2.2.0
