GEM
  remote: https://rubygems.org/
  specs:
    business (1.4.0)
    statesman (10.0.0)

PLATFORMS
  ruby

DEPENDENCIES
  bundler (~> 2.2.0)
  business (~> 1.4.0)
  statesman (~> 10.0.0)

BUNDLED WITH
   2.2.0
